GEM
  remote: https://rubygems.org/
  specs:
    amq-protocol (2.1.0)
    amqp (1.7.0)
      amq-protocol (>= 2.1.0)
      eventmachine
    bunny (2.6.5)
      amq-protocol (>= 2.1.0)
    daemons (1.2.4)
    eventmachine (1.2.3)
    faker (1.7.3)
      i18n (~> 0.5)
    i18n (0.8.1)

PLATFORMS
  ruby

DEPENDENCIES
  amqp
  bunny
  daemons
  faker

BUNDLED WITH
   1.14.6
