GEM
  remote: https://rubygems.org/
  specs:
    amq-client (0.9.4)
      amq-protocol (>= 0.9.4)
      eventmachine
    amq-protocol (0.9.4)
    amqp (0.9.7)
      amq-client (~> 0.9.4)
      amq-protocol (>= 0.9.4)
      eventmachine
    bunny (0.8.0)
    daemons (1.1.8)
    eventmachine (0.12.10)

PLATFORMS
  ruby

DEPENDENCIES
  amqp
  bunny
  daemons
